PATH
  remote: .
  specs:
    pcli (0.1.0)
      actionview (~> 7.0)
      activesupport (~> 7.0)
      dry-cli (~> 1.0)
      http (~> 5.1)
      pastel (~> 0.8.0)
      rqrcode (~> 2.0)
      tty-command (~> 0.10.1)
      tty-cursor (~> 0.7.1)
      tty-option (~> 0.2.0)
      tty-progressbar (~> 0.18.2)
      tty-prompt (~> 0.23.1)
      tty-screen (~> 0.8.1)
      tty-spinner (~> 0.9.3)
      tty-table (~> 0.12.0)
      tty-which (~> 0.5.0)
      zeitwerk (~> 2.6)

GEM
  remote: https://rubygems.org/
  specs:
    actionview (7.0.4.3)
      activesupport (= 7.0.4.3)
      builder (~> 3.1)
      erubi (~> 1.4)
      rails-dom-testing (~> 2.0)
      rails-html-sanitizer (~> 1.1, >= 1.2.0)
    activesupport (7.0.4.3)
      concurrent-ruby (~> 1.0, >= 1.0.2)
      i18n (>= 1.6, < 2)
      minitest (>= 5.1)
      tzinfo (~> 2.0)
    addressable (2.8.2)
      public_suffix (>= 2.0.2, < 6.0)
    ast (2.4.2)
    builder (3.2.4)
    byebug (11.1.3)
    chunky_png (1.4.0)
    concurrent-ruby (1.2.2)
    crass (1.0.6)
    diff-lcs (1.5.0)
    domain_name (0.5.20190701)
      unf (>= 0.0.5, < 1.0.0)
    dry-cli (1.0.0)
    erubi (1.12.0)
    ffi (1.15.5)
    ffi-compiler (1.0.1)
      ffi (>= 1.0.0)
      rake
    http (5.1.1)
      addressable (~> 2.8)
      http-cookie (~> 1.0)
      http-form_data (~> 2.2)
      llhttp-ffi (~> 0.4.0)
    http-cookie (1.0.5)
      domain_name (~> 0.5)
    http-form_data (2.3.0)
    i18n (1.12.0)
      concurrent-ruby (~> 1.0)
    json (2.6.3)
    llhttp-ffi (0.4.0)
      ffi-compiler (~> 1.0)
      rake (~> 13.0)
    loofah (2.20.0)
      crass (~> 1.0.2)
      nokogiri (>= 1.5.9)
    minitest (5.18.0)
    nokogiri (1.14.2-x86_64-linux)
      racc (~> 1.4)
    parallel (1.22.1)
    parser (3.2.2.0)
      ast (~> 2.4.1)
    pastel (0.8.0)
      tty-color (~> 0.5)
    public_suffix (5.0.1)
    racc (1.6.2)
    rails-dom-testing (2.0.3)
      activesupport (>= 4.2.0)
      nokogiri (>= 1.6)
    rails-html-sanitizer (1.5.0)
      loofah (~> 2.19, >= 2.19.1)
    rainbow (3.1.1)
    rake (13.0.6)
    regexp_parser (2.7.0)
    rexml (3.2.5)
    rqrcode (2.1.2)
      chunky_png (~> 1.0)
      rqrcode_core (~> 1.0)
    rqrcode_core (1.2.0)
    rspec (3.12.0)
      rspec-core (~> 3.12.0)
      rspec-expectations (~> 3.12.0)
      rspec-mocks (~> 3.12.0)
    rspec-core (3.12.1)
      rspec-support (~> 3.12.0)
    rspec-expectations (3.12.2)
      diff-lcs (>= 1.2.0, < 2.0)
      rspec-support (~> 3.12.0)
    rspec-mocks (3.12.5)
      diff-lcs (>= 1.2.0, < 2.0)
      rspec-support (~> 3.12.0)
    rspec-support (3.12.0)
    rubocop (1.49.0)
      json (~> 2.3)
      parallel (~> 1.10)
      parser (>= 3.2.0.0)
      rainbow (>= 2.2.2, < 4.0)
      regexp_parser (>= 1.8, < 3.0)
      rexml (>= 3.2.5, < 4.0)
      rubocop-ast (>= 1.28.0, < 2.0)
      ruby-progressbar (~> 1.7)
      unicode-display_width (>= 2.4.0, < 3.0)
    rubocop-ast (1.28.0)
      parser (>= 3.2.1.0)
    rubocop-rake (0.6.0)
      rubocop (~> 1.0)
    ruby-progressbar (1.13.0)
    strings (0.2.1)
      strings-ansi (~> 0.2)
      unicode-display_width (>= 1.5, < 3.0)
      unicode_utils (~> 1.4)
    strings-ansi (0.2.0)
    tty-color (0.6.0)
    tty-command (0.10.1)
      pastel (~> 0.8)
    tty-cursor (0.7.1)
    tty-option (0.2.0)
    tty-progressbar (0.18.2)
      strings-ansi (~> 0.2)
      tty-cursor (~> 0.7)
      tty-screen (~> 0.8)
      unicode-display_width (>= 1.6, < 3.0)
    tty-prompt (0.23.1)
      pastel (~> 0.8)
      tty-reader (~> 0.8)
    tty-reader (0.9.0)
      tty-cursor (~> 0.7)
      tty-screen (~> 0.8)
      wisper (~> 2.0)
    tty-screen (0.8.1)
    tty-spinner (0.9.3)
      tty-cursor (~> 0.7)
    tty-table (0.12.0)
      pastel (~> 0.8)
      strings (~> 0.2.0)
      tty-screen (~> 0.8)
    tty-which (0.5.0)
    tzinfo (2.0.6)
      concurrent-ruby (~> 1.0)
    unf (0.1.4)
      unf_ext
    unf_ext (0.0.8.2)
    unicode-display_width (2.4.2)
    unicode_utils (1.4.0)
    wisper (2.0.1)
    zeitwerk (2.6.8)

PLATFORMS
  x86_64-linux

DEPENDENCIES
  byebug
  pcli!
  rake (~> 13.0)
  rspec (~> 3.0)
  rubocop (~> 1.21)
  rubocop-rake (~> 0.6.0)

BUNDLED WITH
   2.3.22
